GEM
  remote: https://rubygems.org/
  specs:
    helix_runtime (0.5.0.alpha.1)
      rake (~> 10.0)
    rack (1.6.5)
    rack-protection (1.5.3)
      rack
    rake (10.5.0)
    sinatra (1.4.8)
      rack (~> 1.5)
      rack-protection (~> 1.4)
      tilt (>= 1.3, < 3)
    tilt (2.0.7)

PLATFORMS
  ruby

DEPENDENCIES
  helix_runtime (= 0.5.0.alpha.1)
  sinatra

BUNDLED WITH
   1.14.6
